GEM
  remote: https://rubygems.org/
  specs:
    httparty (0.19.0)
      mime-types (~> 3.0)
      multi_xml (>= 0.5.2)
    mime-types (3.3.1)
      mime-types-data (~> 3.2015)
    mime-types-data (3.2021.0901)
    mini_portile2 (2.6.1)
    multi_xml (0.6.0)
    nokogiri (1.12.4)
      mini_portile2 (~> 2.6.1)
      racc (~> 1.4)
    racc (1.5.2)
    ruby-ole (1.2.12.2)
    rubyXL (3.4.18)
      nokogiri (>= 1.10.8)
      rubyzip (>= 1.3.0)
    rubyzip (2.3.2)
    spreadsheet (1.2.9)
      ruby-ole

PLATFORMS
  ruby

DEPENDENCIES
  httparty
  nokogiri
  rubyXL
  spreadsheet

BUNDLED WITH
   2.2.26
