GEM
  remote: https://rubygems.org/
  specs:
    mini_portile2 (2.5.3)
    nokogiri (1.11.7)
      mini_portile2 (~> 2.5.0)
      racc (~> 1.4)
    racc (1.5.2)
    ruby-ole (1.2.12.2)
    rubyXL (3.4.17)
      nokogiri (>= 1.10.8)
      rubyzip (>= 1.3.0)
    rubyzip (2.3.0)
    spreadsheet (1.2.8)
      ruby-ole

PLATFORMS
  ruby

DEPENDENCIES
  nokogiri
  rubyXL
  spreadsheet

BUNDLED WITH
   2.2.16
