GEM
  remote: https://rubygems.org/
  specs:
    mini_portile2 (2.4.0)
    nokogiri (1.10.4)
      mini_portile2 (~> 2.4.0)
    ruby-ole (1.2.12.2)
    rubyXL (3.4.6)
      nokogiri (>= 1.4.4)
      rubyzip (>= 1.1.6)
    rubyzip (2.0.0)
    spreadsheet (1.2.5)
      ruby-ole (>= 1.0)

PLATFORMS
  ruby

DEPENDENCIES
  nokogiri
  rubyXL
  spreadsheet

BUNDLED WITH
   2.0.2
